GIT
  remote: https://github.com/bnmrrs/ruby-youtube-dl
  revision: 5e294be06d2c4b7c8de4bf4251f9771885f7a9c7
  branch: master
  specs:
    ruby-youtube-dl (0.0.5)

GIT
  remote: https://github.com/ssedano/after_the_deadline
  revision: 221be3b21d0559693afb7e2cad714641fafeb437
  branch: master
  specs:
    after_the_deadline (0.1.3)
      crack

GIT
  remote: https://github.com/ssedano/mplayer-ruby
  revision: 6f874ffc9ad1d3563e494a2d076a21701f301ade
  branch: master
  specs:
    mplayer-ruby (0.1.0)
      open4 (>= 1.0.1)

GIT
  remote: https://github.com/ssedano/vlcrc
  revision: 8344c8ef06abaa09497eacea7e143bf5f24742b7
  branch: master
  specs:
    vlcrc (0.2.0)
      trollop (~> 1.16.2)

GEM
  remote: http://rubygems.org/
  specs:
    addressable (2.3.6)
    alchemist (0.1.5)
    buftok (0.2.0)
    builder (3.2.2)
    cinch (2.1.0)
    cookiejar (0.3.2)
    crack (0.4.2)
      safe_yaml (~> 1.0.0)
    daemons (1.1.9)
    em-http-request (1.0.3)
      addressable (>= 2.2.3)
      cookiejar
      em-socksify
      eventmachine (>= 1.0.0.beta.4)
      http_parser.rb (>= 0.5.3)
    em-socksify (0.3.0)
      eventmachine (>= 1.0.0.beta.4)
    em-synchrony (1.0.3)
      eventmachine (>= 1.0.0.beta.1)
    em-twitter (0.3.3)
      buftok (~> 0.2)
      eventmachine (~> 1.0)
      http_parser.rb (~> 0.6)
      simple_oauth (~> 0.2)
    ethon (0.5.12)
      ffi (>= 1.3.0)
      mime-types (~> 1.18)
    eventmachine (1.0.3)
    faraday (0.9.0)
      multipart-post (>= 1.2, < 3)
    ffi (1.9.3)
    http_parser.rb (0.6.0)
    jwt (1.0.0)
    mime-types (1.25.1)
    multi_json (1.10.1)
    multi_xml (0.5.5)
    multipart-post (2.0.0)
    nokogiri (1.5.11)
    oauth (0.4.7)
    oauth2 (0.9.4)
      faraday (>= 0.8, < 0.10)
      jwt (~> 1.0)
      multi_json (~> 1.3)
      multi_xml (~> 0.5)
      rack (~> 1.2)
    open4 (1.3.3)
    rack (1.5.2)
    rest-client (1.6.7)
      mime-types (>= 1.16)
    ruby-mpd (0.2.1)
    safe_yaml (1.0.3)
    simple_oauth (0.2.0)
    trollop (1.16.2)
    tweetstream (2.5.0)
      daemons (~> 1.1)
      em-http-request (~> 1.0.2)
      em-twitter (~> 0.2)
      twitter (~> 4.5)
      yajl-ruby (~> 1.1)
    twitter (4.6.2)
      faraday (~> 0.8, < 0.10)
      multi_json (~> 1.0)
      simple_oauth (~> 0.2)
    typhoeus (0.6.2)
      ethon (~> 0.5.10)
    yajl-ruby (1.2.1)
    youtube_it (2.1.13)
      builder
      faraday (~> 0.8)
      nokogiri (~> 1.5.2)
      oauth (~> 0.4.4)
      oauth2 (~> 0.6)
      simple_oauth (>= 0.1.5)

PLATFORMS
  ruby

DEPENDENCIES
  after_the_deadline!
  alchemist (= 0.1.5)
  cinch (= 2.1.0)
  em-synchrony (= 1.0.3)
  mplayer-ruby!
  nokogiri (= 1.5.11)
  open4 (= 1.3.3)
  rest-client (= 1.6.7)
  ruby-mpd (= 0.2.1)
  ruby-youtube-dl!
  trollop (= 1.16.2)
  tweetstream (= 2.5.0)
  twitter (= 4.6.2)
  typhoeus (= 0.6.2)
  vlcrc!
  youtube_it (= 2.1.13)
